PATH
  remote: .
  specs:
    trubl (1.4.4)
      activesupport (>= 3.2.11)
      faraday (>= 0.8.4)
      hashie (~> 2.0.2)
      httparty (~> 0.9.0)
      json (~> 1.7.7)
      oauth2 (~> 0.9.1)
      rake
      typhoeus
      yajl-ruby (~> 1.1.0)

GEM
  remote: https://rubygems.org/
  specs:
    activesupport (3.2.13)
      i18n (= 0.6.1)
      multi_json (~> 1.0)
    addressable (2.3.4)
    coderay (1.0.9)
    columnize (0.3.6)
    crack (0.3.2)
    debugger (1.3.0)
      columnize (>= 0.3.1)
      debugger-linecache (~> 1.1.1)
      debugger-ruby_core_source (~> 1.1.7)
    debugger-linecache (1.1.1)
      debugger-ruby_core_source (>= 1.1.1)
    debugger-ruby_core_source (1.1.9)
    diff-lcs (1.2.3)
    ethon (0.5.12)
      ffi (>= 1.3.0)
      mime-types (~> 1.18)
    faraday (0.8.7)
      multipart-post (~> 1.1)
    ffi (1.7.0)
    ffi (1.7.0-java)
    hashie (2.0.5)
    httparty (0.9.0)
      multi_json (~> 1.0)
      multi_xml
    httpauth (0.2.0)
    i18n (0.6.1)
    json (1.7.7)
    json (1.7.7-java)
    jwt (0.1.8)
      multi_json (>= 1.5)
    method_source (0.8.1)
    mime-types (1.23)
    multi_json (1.7.2)
    multi_xml (0.5.4)
    multipart-post (1.2.0)
    oauth2 (0.9.1)
      faraday (~> 0.8)
      httpauth (~> 0.1)
      jwt (~> 0.1.4)
      multi_json (~> 1.0)
      multi_xml (~> 0.5)
      rack (~> 1.2)
    pry (0.9.12)
      coderay (~> 1.0.5)
      method_source (~> 0.8)
      slop (~> 3.4)
    pry (0.9.12-java)
      coderay (~> 1.0.5)
      method_source (~> 0.8)
      slop (~> 3.4)
      spoon (~> 0.0)
    pry-debugger (0.2.2)
      debugger (~> 1.3)
      pry (~> 0.9.10)
    rack (1.5.2)
    rake (10.1.0)
    rspec (2.13.0)
      rspec-core (~> 2.13.0)
      rspec-expectations (~> 2.13.0)
      rspec-mocks (~> 2.13.0)
    rspec-core (2.13.1)
    rspec-encoding-matchers (0.1.0)
    rspec-expectations (2.13.0)
      diff-lcs (>= 1.1.3, < 2.0)
    rspec-mocks (2.13.1)
    simplecov (0.7.1)
      multi_json (~> 1.0)
      simplecov-html (~> 0.7.1)
    simplecov-html (0.7.1)
    slop (3.4.4)
    spoon (0.0.3)
      ffi
    timecop (0.6.1)
    typhoeus (0.6.3)
      ethon (~> 0.5.11)
    webmock (1.11.0)
      addressable (>= 2.2.7)
      crack (>= 0.3.2)
    yajl-ruby (1.1.0)
    yard (0.8.6.1)

PLATFORMS
  java
  ruby

DEPENDENCIES
  debugger (= 1.3)
  debugger-linecache (= 1.1.1)
  pry
  pry-debugger
  rspec
  rspec-encoding-matchers
  simplecov
  timecop
  trubl!
  webmock
  yard
